PATH
  remote: .
  specs:
    extensionator (2.1.3)
      rubyzip (= 1.2.1)
      slop (~> 4.4)

GEM
  remote: https://rubygems.org/
  specs:
    minitest (5.11.3)
    rake (12.3.0)
    rubyzip (1.2.1)
    slop (4.6.1)

PLATFORMS
  ruby

DEPENDENCIES
  bundler (~> 1.1)
  extensionator!
  minitest
  rake

BUNDLED WITH
   1.16.1
