PATH
  remote: .
  specs:
    extensionator (1.1.8)
      rubyzip (= 1.2.0)
      slop (~> 4.2)

GEM
  remote: https://rubygems.org/
  specs:
    minitest (5.8.4)
    rake (10.5.0)
    rubyzip (1.2.0)
    slop (4.2.1)

PLATFORMS
  ruby

DEPENDENCIES
  bundler (~> 1.1)
  extensionator!
  minitest
  rake

BUNDLED WITH
   1.11.2
