PATH
  remote: .
  specs:
    extensionator (1.1.6)
      rubyzip (= 1.1.7)
      slop (~> 4.2)

GEM
  remote: https://rubygems.org/
  specs:
    minitest (5.8.0)
    rake (10.4.2)
    rubyzip (1.1.7)
    slop (4.2.0)

PLATFORMS
  ruby

DEPENDENCIES
  bundler (~> 1.1)
  extensionator!
  minitest
  rake

BUNDLED WITH
   1.10.6
