PATH
  remote: .
  specs:
    extensionator (2.1.2)
      rubyzip (= 1.2.0)
      slop (~> 4.4)

GEM
  remote: https://rubygems.org/
  specs:
    minitest (5.9.0)
    rake (11.2.2)
    rubyzip (1.2.0)
    slop (4.4.0)

PLATFORMS
  ruby

DEPENDENCIES
  bundler (~> 1.1)
  extensionator!
  minitest
  rake

BUNDLED WITH
   1.11.2
