PATH
  remote: .
  specs:
    extensionator (1.0.0)
      rubyzip (~> 1.0)
      slop (~> 4.0)

GEM
  remote: https://rubygems.org/
  specs:
    minitest (5.8.0)
    rake (10.4.2)
    rubyzip (1.1.7)
    slop (4.2.0)

PLATFORMS
  ruby

DEPENDENCIES
  bundler (~> 1.0)
  extensionator!
  minitest
  rake

BUNDLED WITH
   1.10.5
