PATH
  remote: .
  specs:
    extensionator (1.1.8)
      rubyzip (= 1.1.7)
      slop (~> 4.2)

GEM
  remote: https://rubygems.org/
  specs:
    minitest (5.8.3)
    rake (10.5.0)
    rubyzip (1.1.7)
    slop (4.2.1)

PLATFORMS
  ruby

DEPENDENCIES
  bundler (~> 1.1)
  extensionator!
  minitest
  rake

BUNDLED WITH
   1.11.2
